PATH
  remote: .
  specs:
    elasticsearch_model_repositories (0.11.0)
      activesupport (~> 6)
      elasticsearch (~> 8)

GEM
  remote: https://rubygems.org/
  specs:
    activesupport (6.1.7.3)
      concurrent-ruby (~> 1.0, >= 1.0.2)
      i18n (>= 1.6, < 2)
      minitest (>= 5.1)
      tzinfo (~> 2.0)
      zeitwerk (~> 2.3)
    ansi (1.5.0)
    builder (3.2.4)
    concurrent-ruby (1.2.2)
    debug (1.8.0)
      irb (>= 1.5.0)
      reline (>= 0.3.1)
    elastic-transport (8.2.1)
      faraday (< 3)
      multi_json
    elasticsearch (8.7.0)
      elastic-transport (~> 8)
      elasticsearch-api (= 8.7.0)
    elasticsearch-api (8.7.0)
      multi_json
    faraday (2.7.4)
      faraday-net_http (>= 2.0, < 3.1)
      ruby2_keywords (>= 0.0.4)
    faraday-net_http (3.0.2)
    i18n (1.13.0)
      concurrent-ruby (~> 1.0)
    io-console (0.6.0)
    irb (1.9.1)
      rdoc
      reline (>= 0.3.8)
    minitest (5.15.0)
    minitest-reporters (1.6.1)
      ansi
      builder
      minitest (>= 5.0)
      ruby-progressbar
    multi_json (1.15.0)
    psych (5.1.1.1)
      stringio
    rake (13.1.0)
    rdoc (6.6.0)
      psych (>= 4.0.0)
    reline (0.4.1)
      io-console (~> 0.5)
    ruby-progressbar (1.13.0)
    ruby2_keywords (0.0.5)
    stringio (3.1.0)
    tzinfo (2.0.6)
      concurrent-ruby (~> 1.0)
    zeitwerk (2.6.7)

PLATFORMS
  ruby

DEPENDENCIES
  bundler (= 2.4.22)
  debug (>= 1.0.0)
  elasticsearch_model_repositories!
  minitest (~> 5.14)
  minitest-reporters (~> 1.6)
  rake (~> 13.1)

BUNDLED WITH
   2.4.22
